GIT
  remote: git://github.com/whymirror/hpricot.git
  revision: 14cdafaa35f243b2099747ada98c7b0c2a301298
  specs:
    hpricot (0.8.4)

GEM
  remote: https://rubygems.org/
  specs:
    actionmailer (4.1.7)
      actionpack (= 4.1.7)
      actionview (= 4.1.7)
      mail (~> 2.5, >= 2.5.4)
    actionpack (4.1.7)
      actionview (= 4.1.7)
      activesupport (= 4.1.7)
      rack (~> 1.5.2)
      rack-test (~> 0.6.2)
    actionview (4.1.7)
      activesupport (= 4.1.7)
      builder (~> 3.1)
      erubis (~> 2.7.0)
    activemodel (4.1.7)
      activesupport (= 4.1.7)
      builder (~> 3.1)
    activerecord (4.1.7)
      activemodel (= 4.1.7)
      activesupport (= 4.1.7)
      arel (~> 5.0.0)
    activerecord_url_connections (0.0.7)
      activerecord
    activesupport (4.1.7)
      i18n (~> 0.6, >= 0.6.9)
      json (~> 1.7, >= 1.7.7)
      minitest (~> 5.1)
      thread_safe (~> 0.1)
      tzinfo (~> 1.1)
    arel (5.0.1.20140414130214)
    autoprefixer-rails (6.0.3)
      execjs
      json
    binding_of_caller (0.7.2)
      debug_inspector (>= 0.0.1)
    bootstrap-sass (3.2.0.2)
      sass (~> 3.2)
    builder (3.2.2)
    callsite (0.0.11)
    coffee-rails (4.1.0)
      coffee-script (>= 2.2.0)
      railties (>= 4.0.0, < 5.0)
    coffee-script (2.4.1)
      coffee-script-source
      execjs
    coffee-script-source (1.9.1.1)
    debug_inspector (0.0.2)
    erubis (2.7.0)
    execjs (2.6.0)
    git-version-bump (0.15.1)
    hike (1.2.3)
    i18n (0.7.0)
    jbuilder (2.3.2)
      activesupport (>= 3.0.0, < 5)
      multi_json (~> 1.2)
    json (1.8.3)
    mail (2.6.3)
      mime-types (>= 1.16, < 3)
    meta_request (0.3.4)
      callsite (~> 0.0, >= 0.0.11)
      rack-contrib (~> 1.1)
      railties (>= 3.0.0, < 5.0.0)
    mime-types (2.6.2)
    minitest (5.8.2)
    multi_json (1.11.2)
    pg (0.18.3)
    puma (2.14.0)
    rack (1.5.5)
    rack-contrib (1.4.0)
      git-version-bump (~> 0.15)
      rack (~> 1.4)
    rack-test (0.6.3)
      rack (>= 1.0)
    rails (4.1.7)
      actionmailer (= 4.1.7)
      actionpack (= 4.1.7)
      actionview (= 4.1.7)
      activemodel (= 4.1.7)
      activerecord (= 4.1.7)
      activesupport (= 4.1.7)
      bundler (>= 1.3.0, < 2.0)
      railties (= 4.1.7)
      sprockets-rails (~> 2.0)
    rails_12factor (0.0.3)
      rails_serve_static_assets
      rails_stdout_logging
    rails_serve_static_assets (0.0.4)
    rails_stdout_logging (0.0.4)
    railties (4.1.7)
      actionpack (= 4.1.7)
      activesupport (= 4.1.7)
      rake (>= 0.8.7)
      thor (>= 0.18.1, < 2.0)
    rake (10.4.2)
    rdoc (4.2.0)
    sass (3.2.19)
    sass-rails (4.0.5)
      railties (>= 4.0.0, < 5.0)
      sass (~> 3.2.2)
      sprockets (~> 2.8, < 3.0)
      sprockets-rails (~> 2.0)
    sdoc (0.4.1)
      json (~> 1.7, >= 1.7.7)
      rdoc (~> 4.0)
    spring (1.4.0)
    sprockets (2.12.4)
      hike (~> 1.2)
      multi_json (~> 1.0)
      rack (~> 1.0)
      tilt (~> 1.1, != 1.3.0)
    sprockets-rails (2.3.3)
      actionpack (>= 3.0)
      activesupport (>= 3.0)
      sprockets (>= 2.8, < 4.0)
    sqlite3 (1.3.11)
    thor (0.19.1)
    thread_safe (0.3.5)
    tilt (1.4.1)
    turbolinks (2.5.3)
      coffee-rails
    tzinfo (1.2.2)
      thread_safe (~> 0.1)
    uglifier (2.7.2)
      execjs (>= 0.3.0)
      json (>= 1.8.0)

PLATFORMS
  ruby

DEPENDENCIES
  activerecord_url_connections
  autoprefixer-rails
  binding_of_caller
  bootstrap-sass (~> 3.2.0)
  hpricot!
  jbuilder (~> 2.0)
  meta_request
  pg
  puma
  rails (= 4.1.7)
  rails_12factor
  sass-rails (~> 4.0.3)
  sdoc (~> 0.4.0)
  spring
  sqlite3
  turbolinks
  uglifier (>= 1.3.0)

BUNDLED WITH
   1.10.3
